GEM
  remote: https://rubygems.org/
  specs:
    actioncable (7.0.4)
      actionpack (= 7.0.4)
      activesupport (= 7.0.4)
      nio4r (~> 2.0)
      websocket-driver (>= 0.6.1)
    actionmailbox (7.0.4)
      actionpack (= 7.0.4)
      activejob (= 7.0.4)
      activerecord (= 7.0.4)
      activestorage (= 7.0.4)
      activesupport (= 7.0.4)
      mail (>= 2.7.1)
      net-imap
      net-pop
      net-smtp
    actionmailer (7.0.4)
      actionpack (= 7.0.4)
      actionview (= 7.0.4)
      activejob (= 7.0.4)
      activesupport (= 7.0.4)
      mail (~> 2.5, >= 2.5.4)
      net-imap
      net-pop
      net-smtp
      rails-dom-testing (~> 2.0)
    actionpack (7.0.4)
      actionview (= 7.0.4)
      activesupport (= 7.0.4)
      rack (~> 2.0, >= 2.2.0)
      rack-test (>= 0.6.3)
      rails-dom-testing (~> 2.0)
      rails-html-sanitizer (~> 1.0, >= 1.2.0)
    actiontext (7.0.4)
      actionpack (= 7.0.4)
      activerecord (= 7.0.4)
      activestorage (= 7.0.4)
      activesupport (= 7.0.4)
      globalid (>= 0.6.0)
      nokogiri (>= 1.8.5)
    actionview (7.0.4)
      activesupport (= 7.0.4)
      builder (~> 3.1)
      erubi (~> 1.4)
      rails-dom-testing (~> 2.0)
      rails-html-sanitizer (~> 1.1, >= 1.2.0)
    activejob (7.0.4)
      activesupport (= 7.0.4)
      globalid (>= 0.3.6)
    activemodel (7.0.4)
      activesupport (= 7.0.4)
    activerecord (7.0.4)
      activemodel (= 7.0.4)
      activesupport (= 7.0.4)
    activestorage (7.0.4)
      actionpack (= 7.0.4)
      activejob (= 7.0.4)
      activerecord (= 7.0.4)
      activesupport (= 7.0.4)
      marcel (~> 1.0)
      mini_mime (>= 1.1.0)
    activesupport (7.0.4)
      concurrent-ruby (~> 1.0, >= 1.0.2)
      i18n (>= 1.6, < 2)
      minitest (>= 5.1)
      tzinfo (~> 2.0)
    addressable (2.8.0)
      public_suffix (>= 2.0.2, < 5.0)
    ast (2.4.2)
    bootsnap (1.15.0)
      msgpack (~> 1.2)
    builder (3.2.4)
    concurrent-ruby (1.1.10)
    crass (1.0.6)
    date (3.3.3)
    debug (1.7.1)
      irb (>= 1.5.0)
      reline (>= 0.3.1)
    declarative (0.0.20)
    diff-lcs (1.5.0)
    disposable (0.6.3)
      declarative (>= 0.0.9, < 1.0.0)
      representable (>= 3.1.1, < 4)
    dotenv (2.8.1)
    dotenv-rails (2.8.1)
      dotenv (= 2.8.1)
      railties (>= 3.2)
    erubi (1.12.0)
    faraday (2.7.2)
      faraday-net_http (>= 2.0, < 3.1)
      ruby2_keywords (>= 0.0.4)
    faraday-net_http (3.0.2)
    globalid (1.0.0)
      activesupport (>= 5.0)
    hashie (5.0.0)
    hirb (0.7.3)
    i18n (1.12.0)
      concurrent-ruby (~> 1.0)
    io-console (0.6.0)
    irb (1.6.2)
      reline (>= 0.3.0)
    json (2.6.1)
    json-schema (2.8.1)
      addressable (>= 2.4)
    loofah (2.19.1)
      crass (~> 1.0.2)
      nokogiri (>= 1.5.9)
    mail (2.8.0)
      mini_mime (>= 0.1.1)
      net-imap
      net-pop
      net-smtp
    marcel (1.0.2)
    method_source (1.0.0)
    mini_mime (1.1.2)
    minitest (5.16.3)
    msgpack (1.6.0)
    multi_json (1.15.0)
    net-imap (0.3.4)
      date
      net-protocol
    net-pop (0.1.2)
      net-protocol
    net-protocol (0.2.1)
      timeout
    net-smtp (0.3.3)
      net-protocol
    nio4r (2.5.8)
    nokogiri (1.13.10-x86_64-darwin)
      racc (~> 1.4)
    nokogiri (1.13.10-x86_64-linux)
      racc (~> 1.4)
    parallel (1.22.1)
    parser (3.1.2.0)
      ast (~> 2.4.1)
    pg (1.4.5)
    public_suffix (4.0.7)
    puma (5.6.5)
      nio4r (~> 2.0)
    racc (1.6.2)
    rack (2.2.5)
    rack-test (2.0.2)
      rack (>= 1.3)
    rails (7.0.4)
      actioncable (= 7.0.4)
      actionmailbox (= 7.0.4)
      actionmailer (= 7.0.4)
      actionpack (= 7.0.4)
      actiontext (= 7.0.4)
      actionview (= 7.0.4)
      activejob (= 7.0.4)
      activemodel (= 7.0.4)
      activerecord (= 7.0.4)
      activestorage (= 7.0.4)
      activesupport (= 7.0.4)
      bundler (>= 1.15.0)
      railties (= 7.0.4)
    rails-dom-testing (2.0.3)
      activesupport (>= 4.2.0)
      nokogiri (>= 1.6)
    rails-html-sanitizer (1.4.4)
      loofah (~> 2.19, >= 2.19.1)
    railties (7.0.4)
      actionpack (= 7.0.4)
      activesupport (= 7.0.4)
      method_source
      rake (>= 12.2)
      thor (~> 1.0)
      zeitwerk (~> 2.5)
    rainbow (3.1.1)
    rake (13.0.6)
    reform (2.6.2)
      disposable (>= 0.5.0, < 1.0.0)
      representable (>= 3.1.1, < 4)
      uber (< 0.2.0)
    regexp_parser (2.3.0)
    reline (0.3.2)
      io-console (~> 0.5)
    representable (3.2.0)
      declarative (< 0.1.0)
      trailblazer-option (>= 0.1.1, < 0.2.0)
      uber (< 0.2.0)
    rexml (3.2.5)
    rspec-core (3.11.0)
      rspec-support (~> 3.11.0)
    rspec-expectations (3.11.0)
      diff-lcs (>= 1.2.0, < 2.0)
      rspec-support (~> 3.11.0)
    rspec-mocks (3.11.1)
      diff-lcs (>= 1.2.0, < 2.0)
      rspec-support (~> 3.11.0)
    rspec-rails (5.1.2)
      actionpack (>= 5.2)
      activesupport (>= 5.2)
      railties (>= 5.2)
      rspec-core (~> 3.10)
      rspec-expectations (~> 3.10)
      rspec-mocks (~> 3.10)
      rspec-support (~> 3.10)
    rspec-support (3.11.0)
    rswag-api (2.5.1)
      railties (>= 3.1, < 7.1)
    rswag-specs (2.5.1)
      activesupport (>= 3.1, < 7.1)
      json-schema (~> 2.2)
      railties (>= 3.1, < 7.1)
    rswag-ui (2.5.1)
      actionpack (>= 3.1, < 7.1)
      railties (>= 3.1, < 7.1)
    rubocop (1.31.2)
      json (~> 2.3)
      parallel (~> 1.10)
      parser (>= 3.1.0.0)
      rainbow (>= 2.2.2, < 4.0)
      regexp_parser (>= 1.8, < 3.0)
      rexml (>= 3.2.5, < 4.0)
      rubocop-ast (>= 1.18.0, < 2.0)
      ruby-progressbar (~> 1.7)
      unicode-display_width (>= 1.4.0, < 3.0)
    rubocop-ast (1.19.1)
      parser (>= 3.1.1.0)
    rubocop-rails (2.14.2)
      activesupport (>= 4.2.0)
      rack (>= 1.1)
      rubocop (>= 1.7.0, < 2.0)
    rubocop-rspec (2.10.0)
      rubocop (~> 1.19)
    ruby-progressbar (1.11.0)
    ruby2_keywords (0.0.5)
    thor (1.2.1)
    timeout (0.3.1)
    trailblazer (2.1.1)
      trailblazer-macro (>= 2.1.11, < 2.2.0)
      trailblazer-macro-contract (>= 2.1.3, < 2.2.0)
      trailblazer-operation (>= 0.8.0, < 1.0.0)
    trailblazer-activity (0.14.0)
      trailblazer-context (~> 0.5.0)
      trailblazer-option (~> 0.1.0)
    trailblazer-activity-dsl-linear (1.0.0)
      trailblazer-activity (>= 0.14.0, < 0.15.0)
      trailblazer-declarative (>= 0.0.1, < 0.1.0)
    trailblazer-context (0.5.1)
      hashie (>= 3.0.0)
    trailblazer-declarative (0.0.2)
    trailblazer-developer (0.0.26)
      hirb
      trailblazer-activity-dsl-linear (>= 1.0.0.beta1, < 1.1.0)
    trailblazer-macro (2.1.11)
      trailblazer-activity-dsl-linear (>= 1.0.0, < 1.1.0)
      trailblazer-operation (>= 0.8.0)
    trailblazer-macro-contract (2.1.3)
      reform (>= 2.2.0, < 3.0.0)
      trailblazer-activity-dsl-linear (>= 1.0.0, < 1.1.0)
    trailblazer-operation (0.8.0)
      trailblazer-activity-dsl-linear (>= 1.0.0, < 1.1.0)
      trailblazer-developer (>= 0.0.26)
    trailblazer-option (0.1.2)
    trailblazer-rails (2.4.3)
      railties (>= 5.2.0)
      trailblazer (>= 2.1.0, < 2.2.0)
    tzinfo (2.0.5)
      concurrent-ruby (~> 1.0)
    uber (0.1.0)
    unicode-display_width (2.1.0)
    websocket-driver (0.7.5)
      websocket-extensions (>= 0.1.0)
    websocket-extensions (0.1.5)
    zeitwerk (2.6.6)

PLATFORMS
  x86_64-darwin-21
  x86_64-linux

DEPENDENCIES
  bootsnap
  debug
  dotenv-rails
  faraday
  multi_json
  pg (~> 1.1)
  puma (~> 5.0)
  rails (~> 7.0.4)
  rspec-rails
  rswag-api
  rswag-specs
  rswag-ui
  rubocop
  rubocop-rails
  rubocop-rspec
  trailblazer (>= 2.1.0)
  trailblazer-rails
  tzinfo-data

RUBY VERSION
   ruby 3.1.1p18

BUNDLED WITH
   2.3.26
